GEM
  remote: https://rubygems.org/
  specs:
    activesupport (6.0.1)
      concurrent-ruby (~> 1.0, >= 1.0.2)
      i18n (>= 0.7, < 2)
      minitest (~> 5.1)
      tzinfo (~> 1.1)
      zeitwerk (~> 2.2)
    aws-eventstream (1.0.3)
    aws-partitions (1.235.0)
    aws-sdk-core (3.75.0)
      aws-eventstream (~> 1.0, >= 1.0.2)
      aws-partitions (~> 1, >= 1.228.0)
      aws-sigv4 (~> 1.1)
      jmespath (~> 1.0)
    aws-sdk-rekognition (1.31.0)
      aws-sdk-core (~> 3, >= 3.71.0)
      aws-sigv4 (~> 1.1)
    aws-sigv4 (1.1.0)
      aws-eventstream (~> 1.0, >= 1.0.2)
    coderay (1.1.2)
    concurrent-ruby (1.1.5)
    dotenv (2.7.5)
    i18n (1.7.0)
      concurrent-ruby (~> 1.0)
    jmespath (1.4.0)
    method_source (0.9.2)
    minitest (5.13.0)
    pry (0.12.2)
      coderay (~> 1.1.0)
      method_source (~> 0.9.0)
    thread_safe (0.3.6)
    tzinfo (1.2.5)
      thread_safe (~> 0.1)
    unidecoder (1.1.2)
    zeitwerk (2.2.1)

PLATFORMS
  ruby

DEPENDENCIES
  activesupport
  aws-sdk-rekognition
  dotenv
  pry
  unidecoder

RUBY VERSION
   ruby 2.6.2p47

BUNDLED WITH
   2.0.1
